STORAGE: NONE
RESTRICTION: || (== netcoreapp3.0) (== netstandard2.0) (== netstandard2.1)
NUGET
  remote: https://api.nuget.org/v3/index.json
    BenchmarkDotNet (0.12) - restriction: || (== netcoreapp3.0) (&& (== netstandard2.0) (>= net461)) (&& (== netstandard2.0) (>= netcoreapp2.0)) (&& (== netstandard2.1) (>= net461)) (&& (== netstandard2.1) (>= netcoreapp2.0))
      BenchmarkDotNet.Annotations (>= 0.12)
      CommandLineParser (>= 2.4.3)
      Microsoft.CodeAnalysis.CSharp (>= 2.10)
      Microsoft.DotNet.PlatformAbstractions (>= 2.1)
      Microsoft.Win32.Registry (>= 4.5)
      System.Management (>= 4.5)
      System.Reflection.Emit (>= 4.3)
      System.Reflection.Emit.Lightweight (>= 4.3)
      System.Threading.Tasks.Extensions (>= 4.5.2)
      System.ValueTuple (>= 4.5)
    BenchmarkDotNet.Annotations (0.12) - restriction: || (== netcoreapp3.0) (&& (== netstandard2.0) (>= net461)) (&& (== netstandard2.0) (>= netcoreapp2.0)) (&& (== netstandard2.1) (>= net461)) (&& (== netstandard2.1) (>= netcoreapp2.0))
    Castle.Core (4.4)
      NETStandard.Library (>= 1.6.1)
      System.Collections.Specialized (>= 4.3)
      System.ComponentModel (>= 4.3)
      System.ComponentModel.TypeConverter (>= 4.3)
      System.Diagnostics.TraceSource (>= 4.3)
      System.Dynamic.Runtime (>= 4.3)
      System.Reflection (>= 4.3)
      System.Reflection.Emit (>= 4.3)
      System.Reflection.TypeExtensions (>= 4.3)
      System.Xml.XmlDocument (>= 4.3)
    CommandLineParser (2.7.82) - restriction: || (== netcoreapp3.0) (&& (== netstandard2.0) (>= net461)) (&& (== netstandard2.0) (>= netcoreapp2.0)) (&& (== netstandard2.1) (>= net461)) (&& (== netstandard2.1) (>= netcoreapp2.0))
    Expecto (8.13.1)
      FSharp.Core (>= 4.3.4)
      Mono.Cecil (>= 0.11)
    Expecto.BenchmarkDotNet (8.13.1)
      BenchmarkDotNet (>= 0.11.5) - restriction: || (== netcoreapp3.0) (&& (== netstandard2.0) (>= net461)) (&& (== netstandard2.0) (>= netcoreapp2.0)) (&& (== netstandard2.1) (>= net461)) (&& (== netstandard2.1) (>= netcoreapp2.0))
      FSharp.Core (>= 4.3.4) - restriction: || (== netcoreapp3.0) (&& (== netstandard2.0) (>= net461)) (&& (== netstandard2.0) (>= netcoreapp2.0)) (&& (== netstandard2.1) (>= net461)) (&& (== netstandard2.1) (>= netcoreapp2.0))
    Expecto.FsCheck (8.13.1)
      Expecto (>= 8.13.1)
      FsCheck (>= 2.14)
    Expecto.Hopac (8.13.1)
      Expecto (>= 8.13.1)
      Hopac (>= 0.3.23)
    FParsec (1.1)
      FSharp.Core (>= 4.3.4)
    FsCheck (2.14)
      FSharp.Core (>= 4.2.3)
    FSharp.Core (4.7)
    Hopac (0.4.1)
      FSharp.Core (>= 4.5 < 5.0)
    Logary (5.0)
      FParsec (>= 1.0.3)
      FSharp.Core (>= 4.6.2)
      Hopac (>= 0.4.1)
      NodaTime (>= 2.4.6)
    Logary.Adapters.Facade (5.0)
      Castle.Core (>= 4.4)
      FSharp.Core (>= 4.6.2)
      Logary (>= 5.0)
    Microsoft.CodeAnalysis.Analyzers (2.9.8) - restriction: || (== netcoreapp3.0) (&& (== netstandard2.0) (>= net461)) (&& (== netstandard2.0) (>= netcoreapp2.0)) (&& (== netstandard2.1) (>= net461)) (&& (== netstandard2.1) (>= netcoreapp2.0))
    Microsoft.CodeAnalysis.Common (3.4) - restriction: || (== netcoreapp3.0) (&& (== netstandard2.0) (>= net461)) (&& (== netstandard2.0) (>= netcoreapp2.0)) (&& (== netstandard2.1) (>= net461)) (&& (== netstandard2.1) (>= netcoreapp2.0))
      Microsoft.CodeAnalysis.Analyzers (>= 2.9.6)
      System.Collections.Immutable (>= 1.5)
      System.Memory (>= 4.5.3)
      System.Reflection.Metadata (>= 1.6)
      System.Runtime.CompilerServices.Unsafe (>= 4.5.2)
      System.Text.Encoding.CodePages (>= 4.5.1)
      System.Threading.Tasks.Extensions (>= 4.5.3)
    Microsoft.CodeAnalysis.CSharp (3.4) - restriction: || (== netcoreapp3.0) (&& (== netstandard2.0) (>= net461)) (&& (== netstandard2.0) (>= netcoreapp2.0)) (&& (== netstandard2.1) (>= net461)) (&& (== netstandard2.1) (>= netcoreapp2.0))
      Microsoft.CodeAnalysis.Common (3.4)
    Microsoft.DotNet.PlatformAbstractions (3.1) - restriction: || (== netcoreapp3.0) (&& (== netstandard2.0) (>= net461)) (&& (== netstandard2.0) (>= netcoreapp2.0)) (&& (== netstandard2.1) (>= net461)) (&& (== netstandard2.1) (>= netcoreapp2.0))
    Microsoft.NETCore.Platforms (3.1)
    Microsoft.NETCore.Targets (3.1)
    Microsoft.Win32.Registry (4.7) - restriction: || (== netcoreapp3.0) (&& (== netstandard2.0) (>= net461)) (&& (== netstandard2.0) (>= netcoreapp2.0)) (&& (== netstandard2.1) (>= net461)) (&& (== netstandard2.1) (>= netcoreapp2.0))
      System.Security.AccessControl (>= 4.7)
      System.Security.Principal.Windows (>= 4.7)
    Mono.Cecil (0.11.1)
    NETStandard.Library (2.0.3)
      Microsoft.NETCore.Platforms (>= 1.1)
    NodaTime (2.4.7)
    runtime.native.System (4.3.1)
      Microsoft.NETCore.Platforms (>= 1.1.1)
      Microsoft.NETCore.Targets (>= 1.1.3)
    System.CodeDom (4.7) - restriction: || (== netcoreapp3.0) (&& (== netstandard2.0) (>= net461)) (&& (== netstandard2.0) (>= netcoreapp2.0)) (&& (== netstandard2.1) (>= net461)) (&& (== netstandard2.1) (>= netcoreapp2.0))
    System.Collections (4.3)
      Microsoft.NETCore.Platforms (>= 1.1)
      Microsoft.NETCore.Targets (>= 1.1)
      System.Runtime (>= 4.3)
    System.Collections.Immutable (1.7) - restriction: || (== netcoreapp3.0) (&& (== netstandard2.0) (>= net461)) (&& (== netstandard2.0) (>= netcoreapp2.0)) (&& (== netstandard2.1) (>= net461)) (&& (== netstandard2.1) (>= netcoreapp2.0))
    System.Collections.NonGeneric (4.3)
      System.Diagnostics.Debug (>= 4.3)
      System.Globalization (>= 4.3)
      System.Resources.ResourceManager (>= 4.3)
      System.Runtime (>= 4.3)
      System.Runtime.Extensions (>= 4.3)
      System.Threading (>= 4.3)
    System.Collections.Specialized (4.3)
      System.Collections.NonGeneric (>= 4.3)
      System.Globalization (>= 4.3)
      System.Globalization.Extensions (>= 4.3)
      System.Resources.ResourceManager (>= 4.3)
      System.Runtime (>= 4.3)
      System.Runtime.Extensions (>= 4.3)
      System.Threading (>= 4.3)
    System.ComponentModel (4.3)
      System.Runtime (>= 4.3)
    System.ComponentModel.Primitives (4.3)
      System.ComponentModel (>= 4.3)
      System.Resources.ResourceManager (>= 4.3)
      System.Runtime (>= 4.3)
    System.ComponentModel.TypeConverter (4.3)
      System.Collections (>= 4.3)
      System.Collections.NonGeneric (>= 4.3)
      System.Collections.Specialized (>= 4.3)
      System.ComponentModel (>= 4.3)
      System.ComponentModel.Primitives (>= 4.3)
      System.Globalization (>= 4.3)
      System.Linq (>= 4.3)
      System.Reflection (>= 4.3)
      System.Reflection.Extensions (>= 4.3)
      System.Reflection.Primitives (>= 4.3)
      System.Reflection.TypeExtensions (>= 4.3)
      System.Resources.ResourceManager (>= 4.3)
      System.Runtime (>= 4.3)
      System.Runtime.Extensions (>= 4.3)
      System.Threading (>= 4.3)
    System.Diagnostics.Debug (4.3)
      Microsoft.NETCore.Platforms (>= 1.1)
      Microsoft.NETCore.Targets (>= 1.1)
      System.Runtime (>= 4.3)
    System.Diagnostics.TraceSource (4.3)
      Microsoft.NETCore.Platforms (>= 1.1)
      runtime.native.System (>= 4.3)
      System.Collections (>= 4.3)
      System.Diagnostics.Debug (>= 4.3)
      System.Globalization (>= 4.3)
      System.Resources.ResourceManager (>= 4.3)
      System.Runtime (>= 4.3)
      System.Runtime.Extensions (>= 4.3)
      System.Threading (>= 4.3)
    System.Dynamic.Runtime (4.3)
      System.Collections (>= 4.3)
      System.Diagnostics.Debug (>= 4.3)
      System.Linq (>= 4.3)
      System.Linq.Expressions (>= 4.3)
      System.ObjectModel (>= 4.3)
      System.Reflection (>= 4.3)
      System.Reflection.Emit (>= 4.3)
      System.Reflection.Emit.ILGeneration (>= 4.3)
      System.Reflection.Primitives (>= 4.3)
      System.Reflection.TypeExtensions (>= 4.3)
      System.Resources.ResourceManager (>= 4.3)
      System.Runtime (>= 4.3)
      System.Runtime.Extensions (>= 4.3)
      System.Threading (>= 4.3)
    System.Globalization (4.3)
      Microsoft.NETCore.Platforms (>= 1.1)
      Microsoft.NETCore.Targets (>= 1.1)
      System.Runtime (>= 4.3)
    System.Globalization.Extensions (4.3)
      Microsoft.NETCore.Platforms (>= 1.1)
      System.Globalization (>= 4.3)
      System.Resources.ResourceManager (>= 4.3)
      System.Runtime (>= 4.3)
      System.Runtime.Extensions (>= 4.3)
      System.Runtime.InteropServices (>= 4.3)
    System.IO (4.3)
      Microsoft.NETCore.Platforms (>= 1.1)
      Microsoft.NETCore.Targets (>= 1.1)
      System.Runtime (>= 4.3)
      System.Text.Encoding (>= 4.3)
      System.Threading.Tasks (>= 4.3)
    System.IO.FileSystem (4.3)
      Microsoft.NETCore.Platforms (>= 1.1)
      Microsoft.NETCore.Targets (>= 1.1)
      System.IO (>= 4.3)
      System.IO.FileSystem.Primitives (>= 4.3)
      System.Runtime (>= 4.3)
      System.Runtime.Handles (>= 4.3)
      System.Text.Encoding (>= 4.3)
      System.Threading.Tasks (>= 4.3)
    System.IO.FileSystem.Primitives (4.3)
      System.Runtime (>= 4.3)
    System.Linq (4.3)
      System.Collections (>= 4.3)
      System.Diagnostics.Debug (>= 4.3)
      System.Resources.ResourceManager (>= 4.3)
      System.Runtime (>= 4.3)
      System.Runtime.Extensions (>= 4.3)
    System.Linq.Expressions (4.3)
      System.Collections (>= 4.3)
      System.Diagnostics.Debug (>= 4.3)
      System.Globalization (>= 4.3)
      System.IO (>= 4.3)
      System.Linq (>= 4.3)
      System.ObjectModel (>= 4.3)
      System.Reflection (>= 4.3)
      System.Reflection.Emit (>= 4.3)
      System.Reflection.Emit.ILGeneration (>= 4.3)
      System.Reflection.Emit.Lightweight (>= 4.3)
      System.Reflection.Extensions (>= 4.3)
      System.Reflection.Primitives (>= 4.3)
      System.Reflection.TypeExtensions (>= 4.3)
      System.Resources.ResourceManager (>= 4.3)
      System.Runtime (>= 4.3)
      System.Runtime.Extensions (>= 4.3)
      System.Threading (>= 4.3)
    System.Management (4.7) - restriction: || (== netcoreapp3.0) (&& (== netstandard2.0) (>= net461)) (&& (== netstandard2.0) (>= netcoreapp2.0)) (&& (== netstandard2.1) (>= net461)) (&& (== netstandard2.1) (>= netcoreapp2.0))
      Microsoft.NETCore.Platforms (>= 3.1) - restriction: || (== netcoreapp3.0) (&& (== netstandard2.0) (>= netcoreapp2.0)) (&& (== netstandard2.1) (>= netcoreapp2.0))
      Microsoft.Win32.Registry (>= 4.7) - restriction: || (== netcoreapp3.0) (&& (== netstandard2.0) (>= netcoreapp2.0)) (&& (== netstandard2.1) (>= netcoreapp2.0))
      System.CodeDom (>= 4.7)
    System.Memory (4.5.3) - restriction: || (== netcoreapp3.0) (&& (== netstandard2.0) (>= net461)) (&& (== netstandard2.0) (>= netcoreapp2.0)) (&& (== netstandard2.1) (>= net461)) (&& (== netstandard2.1) (>= netcoreapp2.0))
    System.ObjectModel (4.3)
      System.Collections (>= 4.3)
      System.Diagnostics.Debug (>= 4.3)
      System.Resources.ResourceManager (>= 4.3)
      System.Runtime (>= 4.3)
      System.Threading (>= 4.3)
    System.Reflection (4.3)
      Microsoft.NETCore.Platforms (>= 1.1)
      Microsoft.NETCore.Targets (>= 1.1)
      System.IO (>= 4.3)
      System.Reflection.Primitives (>= 4.3)
      System.Runtime (>= 4.3)
    System.Reflection.Emit (4.7)
    System.Reflection.Emit.ILGeneration (4.7)
    System.Reflection.Emit.Lightweight (4.7)
    System.Reflection.Extensions (4.3)
      Microsoft.NETCore.Platforms (>= 1.1)
      Microsoft.NETCore.Targets (>= 1.1)
      System.Reflection (>= 4.3)
      System.Runtime (>= 4.3)
    System.Reflection.Metadata (1.8) - restriction: || (== netcoreapp3.0) (&& (== netstandard2.0) (>= net461)) (&& (== netstandard2.0) (>= netcoreapp2.0)) (&& (== netstandard2.1) (>= net461)) (&& (== netstandard2.1) (>= netcoreapp2.0))
      System.Collections.Immutable (>= 1.7)
    System.Reflection.Primitives (4.3)
      Microsoft.NETCore.Platforms (>= 1.1)
      Microsoft.NETCore.Targets (>= 1.1)
      System.Runtime (>= 4.3)
    System.Reflection.TypeExtensions (4.7)
    System.Resources.ResourceManager (4.3)
      Microsoft.NETCore.Platforms (>= 1.1)
      Microsoft.NETCore.Targets (>= 1.1)
      System.Globalization (>= 4.3)
      System.Reflection (>= 4.3)
      System.Runtime (>= 4.3)
    System.Runtime (4.3.1)
      Microsoft.NETCore.Platforms (>= 1.1.1)
      Microsoft.NETCore.Targets (>= 1.1.3)
    System.Runtime.CompilerServices.Unsafe (4.7) - restriction: || (== netcoreapp3.0) (&& (== netstandard2.0) (>= net461)) (&& (== netstandard2.0) (>= netcoreapp2.0)) (&& (== netstandard2.1) (>= net461)) (&& (== netstandard2.1) (>= netcoreapp2.0))
    System.Runtime.Extensions (4.3.1)
      Microsoft.NETCore.Platforms (>= 1.1.1)
      Microsoft.NETCore.Targets (>= 1.1.3)
      System.Runtime (>= 4.3.1)
    System.Runtime.Handles (4.3)
      Microsoft.NETCore.Platforms (>= 1.1)
      Microsoft.NETCore.Targets (>= 1.1)
      System.Runtime (>= 4.3)
    System.Runtime.InteropServices (4.3)
      Microsoft.NETCore.Platforms (>= 1.1)
      Microsoft.NETCore.Targets (>= 1.1)
      System.Reflection (>= 4.3)
      System.Reflection.Primitives (>= 4.3)
      System.Runtime (>= 4.3)
      System.Runtime.Handles (>= 4.3)
    System.Security.AccessControl (4.7) - restriction: || (== netcoreapp3.0) (&& (== netstandard2.0) (>= net461)) (&& (== netstandard2.0) (>= netcoreapp2.0)) (&& (== netstandard2.1) (>= net461)) (&& (== netstandard2.1) (>= netcoreapp2.0))
      Microsoft.NETCore.Platforms (>= 3.1) - restriction: || (== netcoreapp3.0) (&& (== netstandard2.0) (>= netcoreapp2.0)) (&& (== netstandard2.1) (>= netcoreapp2.0))
      System.Security.Principal.Windows (>= 4.7)
    System.Security.Principal.Windows (4.7) - restriction: || (== netcoreapp3.0) (&& (== netstandard2.0) (>= net461)) (&& (== netstandard2.0) (>= netcoreapp2.0)) (&& (== netstandard2.1) (>= net461)) (&& (== netstandard2.1) (>= netcoreapp2.0))
    System.Text.Encoding (4.3)
      Microsoft.NETCore.Platforms (>= 1.1)
      Microsoft.NETCore.Targets (>= 1.1)
      System.Runtime (>= 4.3)
    System.Text.Encoding.CodePages (4.7) - restriction: || (== netcoreapp3.0) (&& (== netstandard2.0) (>= net461)) (&& (== netstandard2.0) (>= netcoreapp2.0)) (&& (== netstandard2.1) (>= net461)) (&& (== netstandard2.1) (>= netcoreapp2.0))
      Microsoft.NETCore.Platforms (>= 3.1) - restriction: || (== netcoreapp3.0) (&& (== netstandard2.0) (>= netcoreapp2.0)) (&& (== netstandard2.1) (>= netcoreapp2.0))
      System.Runtime.CompilerServices.Unsafe (>= 4.7)
    System.Text.Encoding.Extensions (4.3)
      Microsoft.NETCore.Platforms (>= 1.1)
      Microsoft.NETCore.Targets (>= 1.1)
      System.Runtime (>= 4.3)
      System.Text.Encoding (>= 4.3)
    System.Text.RegularExpressions (4.3.1)
      System.Collections (>= 4.3) - restriction: || (&& (== netcoreapp3.0) (< netcoreapp1.1)) (== netstandard2.0) (== netstandard2.1)
      System.Globalization (>= 4.3) - restriction: || (&& (== netcoreapp3.0) (< netcoreapp1.1)) (== netstandard2.0) (== netstandard2.1)
      System.Resources.ResourceManager (>= 4.3) - restriction: || (&& (== netcoreapp3.0) (< netcoreapp1.1)) (== netstandard2.0) (== netstandard2.1)
      System.Runtime (>= 4.3.1)
      System.Runtime.Extensions (>= 4.3.1) - restriction: || (&& (== netcoreapp3.0) (< netcoreapp1.1)) (== netstandard2.0) (== netstandard2.1)
      System.Threading (>= 4.3) - restriction: || (&& (== netcoreapp3.0) (< netcoreapp1.1)) (== netstandard2.0) (== netstandard2.1)
    System.Threading (4.3)
      System.Runtime (>= 4.3)
      System.Threading.Tasks (>= 4.3)
    System.Threading.Tasks (4.3)
      Microsoft.NETCore.Platforms (>= 1.1)
      Microsoft.NETCore.Targets (>= 1.1)
      System.Runtime (>= 4.3)
    System.Threading.Tasks.Extensions (4.5.3)
    System.ValueTuple (4.5) - restriction: || (== netcoreapp3.0) (&& (== netstandard2.0) (>= net461)) (&& (== netstandard2.0) (>= netcoreapp2.0)) (&& (== netstandard2.1) (>= net461)) (&& (== netstandard2.1) (>= netcoreapp2.0))
    System.Xml.ReaderWriter (4.3.1)
      System.Collections (>= 4.3)
      System.Diagnostics.Debug (>= 4.3)
      System.Globalization (>= 4.3)
      System.IO (>= 4.3)
      System.IO.FileSystem (>= 4.3)
      System.IO.FileSystem.Primitives (>= 4.3)
      System.Resources.ResourceManager (>= 4.3)
      System.Runtime (>= 4.3)
      System.Runtime.Extensions (>= 4.3)
      System.Runtime.InteropServices (>= 4.3)
      System.Text.Encoding (>= 4.3)
      System.Text.Encoding.Extensions (>= 4.3)
      System.Text.RegularExpressions (>= 4.3)
      System.Threading.Tasks (>= 4.3)
      System.Threading.Tasks.Extensions (>= 4.3)
    System.Xml.XmlDocument (4.3)
      System.Collections (>= 4.3)
      System.Diagnostics.Debug (>= 4.3)
      System.Globalization (>= 4.3)
      System.IO (>= 4.3)
      System.Resources.ResourceManager (>= 4.3)
      System.Runtime (>= 4.3)
      System.Runtime.Extensions (>= 4.3)
      System.Text.Encoding (>= 4.3)
      System.Threading (>= 4.3)
      System.Xml.ReaderWriter (>= 4.3)
